PATH
  remote: .
  specs:
    ruby-lsp-dry-auto_inject (0.1.0)

GEM
  remote: https://rubygems.org/
  specs:
    rake (13.1.0)

PLATFORMS
  x86_64-darwin-22

DEPENDENCIES
  rake (~> 13.0)
  ruby-lsp-dry-auto_inject!

BUNDLED WITH
   2.4.10
