PATH
  remote: ..
  specs:
    ruby-lsp-dry-auto_inject (0.1.0)

GEM
  remote: https://rubygems.org/
  specs:
    byebug (11.1.3)
    coderay (1.1.3)
    concurrent-ruby (1.2.2)
    dry-auto_inject (1.0.1)
      dry-core (~> 1.0)
      zeitwerk (~> 2.6)
    dry-container (0.11.0)
      concurrent-ruby (~> 1.0)
    dry-core (1.0.1)
      concurrent-ruby (~> 1.0)
      zeitwerk (~> 2.6)
    method_source (1.0.0)
    prism (0.19.0)
    pry (0.14.2)
      coderay (~> 1.1)
      method_source (~> 1.0)
    pry-byebug (3.10.1)
      byebug (~> 11.0)
      pry (>= 0.13, < 0.15)
    sync (0.5.0)
    term-ansicolor (1.7.1)
      tins (~> 1.0)
    tins (1.32.1)
      sync
    zeitwerk (2.6.12)

PLATFORMS
  x86_64-darwin-22

DEPENDENCIES
  dry-auto_inject
  dry-container
  prism
  pry-byebug
  ruby-lsp-dry-auto_inject!
  term-ansicolor

BUNDLED WITH
   2.4.10
